GEM
  remote: https://rubygems.org/
  specs:
    rake (12.0.0)
    rubytest (0.8.1)
    test (1.0.0)
      rubytest

PLATFORMS
  ruby

DEPENDENCIES
  rake
  test

BUNDLED WITH
   1.13.7
